RESTRICTION: == netcoreapp2.1
NUGET
  remote: https://www.nuget.org/api/v2
    Aether (8.3.1)
      FSharp.Core (>= 4.3.4)
    Amazon.Lambda.Core (1.1)
    Amazon.Lambda.Serialization.Json (1.6)
      Amazon.Lambda.Core (>= 1.1)
      Newtonsoft.Json (>= 9.0.1)
    Amazon.Lambda.Tools (3.3.1) - clitool: true
    Chiron (6.3.1)
      Aether (>= 8.2)
      FParsec (>= 1.0.3)
      FSharp.Core (>= 4.3.4)
    Expecto (8.12)
      FSharp.Core (>= 4.3.4)
      Mono.Cecil (>= 0.10.3)
    FParsec (1.0.3)
      FSharp.Core (>= 4.2.3)
      NETStandard.Library (>= 1.6.1)
    FSharp.Core (4.7)
    FSharp.Data (3.3.2)
      FSharp.Core (>= 4.3.4)
    Microsoft.CodeCoverage (16.3)
    Microsoft.FSharpLu.Json (0.11.5)
      FSharp.Core (>= 4.5.4)
      Newtonsoft.Json (>= 10.0.3)
    Microsoft.NET.Test.Sdk (16.3)
      Microsoft.CodeCoverage (>= 16.3)
      Microsoft.TestPlatform.TestHost (>= 16.3)
    Microsoft.NETCore.Platforms (3.0)
    Microsoft.TestPlatform.ObjectModel (16.3)
      NuGet.Frameworks (>= 5.0)
    Microsoft.TestPlatform.TestHost (16.3)
      Microsoft.TestPlatform.ObjectModel (>= 16.3)
      Newtonsoft.Json (>= 9.0.1)
    Mono.Cecil (0.11)
    NETStandard.Library (2.0.3)
      Microsoft.NETCore.Platforms (>= 1.1)
    Newtonsoft.Json (12.0.2)
    NuGet.Frameworks (5.3)
